PATH
  remote: .
  specs:
    songkick-oauth2-provider (0.10.2.3)
      activerecord
      bcrypt
      json
      rack

GEM
  remote: https://rubygems.org/
  specs:
    activemodel (5.1.4)
      activesupport (= 5.1.4)
    activerecord (5.1.4)
      activemodel (= 5.1.4)
      activesupport (= 5.1.4)
      arel (~> 8.0)
    activesupport (5.1.4)
      concurrent-ruby (~> 1.0, >= 1.0.2)
      i18n (~> 0.7)
      minitest (~> 5.1)
      tzinfo (~> 1.1)
    appraisal (2.2.0)
      bundler
      rake
      thor (>= 0.14.0)
    arel (8.0.0)
    bcrypt (3.1.13)
    coderay (1.1.2)
    concurrent-ruby (1.0.5)
    daemons (1.2.5)
    diff-lcs (1.3)
    eventmachine (1.2.5)
    factory_girl (2.6.4)
      activesupport (>= 2.3.9)
    i18n (0.9.1)
      concurrent-ruby (~> 1.0)
    json (2.3.0)
    method_source (0.9.0)
    minitest (5.10.3)
    mustermann (1.0.1)
    pry (0.11.3)
      coderay (~> 1.1.0)
      method_source (~> 0.9.0)
    rack (2.0.3)
    rack-protection (2.0.0)
      rack
    rake (12.3.0)
    rspec (2.14.1)
      rspec-core (~> 2.14.0)
      rspec-expectations (~> 2.14.0)
      rspec-mocks (~> 2.14.0)
    rspec-core (2.14.8)
    rspec-expectations (2.14.5)
      diff-lcs (>= 1.1.3, < 2.0)
    rspec-mocks (2.14.6)
    rspec_junit_formatter (0.4.1)
      rspec-core (>= 2, < 4, != 2.12.0)
    sinatra (2.0.0)
      mustermann (~> 1.0)
      rack (~> 2.0)
      rack-protection (= 2.0.0)
      tilt (~> 2.0)
    sqlite3 (1.3.13)
    thin (1.7.2)
      daemons (~> 1.0, >= 1.0.9)
      eventmachine (~> 1.0, >= 1.0.4)
      rack (>= 1, < 3)
    thor (0.20.0)
    thread_safe (0.3.6)
    tilt (2.0.8)
    tzinfo (1.2.4)
      thread_safe (~> 0.1)

PLATFORMS
  ruby

DEPENDENCIES
  appraisal (~> 2.0)
  factory_girl (~> 2.0)
  pry
  rspec (~> 2.14.1)
  rspec_junit_formatter
  sinatra (>= 1.3.0)
  songkick-oauth2-provider!
  sqlite3
  thin

BUNDLED WITH
   1.17.3
