PATH
  remote: .
  specs:
    songkick-oauth2-provider (0.10.2)
      activerecord
      bcrypt-ruby
      json
      rack

GEM
  remote: https://rubygems.org/
  specs:
    activemodel (3.2.22)
      activesupport (= 3.2.22)
      builder (~> 3.0.0)
    activerecord (3.2.22)
      activemodel (= 3.2.22)
      activesupport (= 3.2.22)
      arel (~> 3.0.2)
      tzinfo (~> 0.3.29)
    activesupport (3.2.22)
      i18n (~> 0.6, >= 0.6.4)
      multi_json (~> 1.0)
    appraisal (2.0.2)
      bundler
      rake
      thor (>= 0.14.0)
    arel (3.0.3)
    bcrypt (3.1.10)
    bcrypt-ruby (3.1.5)
      bcrypt (>= 3.1.3)
    builder (3.0.4)
    coderay (1.1.0)
    daemons (1.2.3)
    diff-lcs (1.2.5)
    eventmachine (1.0.7)
    factory_girl (2.6.4)
      activesupport (>= 2.3.9)
    i18n (0.7.0)
    json (1.8.3)
    method_source (0.8.2)
    multi_json (1.11.2)
    pry (0.10.1)
      coderay (~> 1.1.0)
      method_source (~> 0.8.1)
      slop (~> 3.4)
    rack (1.6.4)
    rack-protection (1.5.3)
      rack
    rake (10.4.2)
    rspec (2.14.1)
      rspec-core (~> 2.14.0)
      rspec-expectations (~> 2.14.0)
      rspec-mocks (~> 2.14.0)
    rspec-core (2.14.8)
    rspec-expectations (2.14.5)
      diff-lcs (>= 1.1.3, < 2.0)
    rspec-mocks (2.14.6)
    sinatra (1.4.6)
      rack (~> 1.4)
      rack-protection (~> 1.4)
      tilt (>= 1.3, < 3)
    slop (3.6.0)
    sqlite3 (1.3.10)
    thin (1.6.3)
      daemons (~> 1.0, >= 1.0.9)
      eventmachine (~> 1.0)
      rack (~> 1.0)
    thor (0.19.1)
    tilt (2.0.1)
    tzinfo (0.3.44)

PLATFORMS
  ruby

DEPENDENCIES
  activerecord (~> 3.2.0)
  appraisal
  factory_girl (~> 2.0)
  pry
  rspec (~> 2.14.1)
  sinatra (>= 1.3.0)
  songkick-oauth2-provider!
  sqlite3
  thin

BUNDLED WITH
   1.10.5
